GEM
  remote: http://rubygems.org/
  specs:
    git (1.2.5)
    httparty (0.8.3)
      multi_json (~> 1.0)
      multi_xml
    jeweler (1.8.3)
      bundler (~> 1.0)
      git (>= 1.2.5)
      rake
      rdoc
    json (1.7.3)
    multi_json (1.3.5)
    multi_xml (0.5.1)
    rake (0.9.2.2)
    rdoc (3.12)
      json (~> 1.4)
    shoulda (3.0.1)
      shoulda-context (~> 1.0.0)
      shoulda-matchers (~> 1.0.0)
    shoulda-context (1.0.0)
    shoulda-matchers (1.0.0)

PLATFORMS
  ruby

DEPENDENCIES
  bundler (~> 1.0.0)
  httparty
  jeweler (~> 1.8.3)
  json
  rdoc (~> 3.12)
  shoulda
